PATH
  remote: .
  specs:
    na (1.2.73)
      chronic (~> 0.10, >= 0.10.2)
      gli (~> 2.21.0)
      mdless (~> 1.0, >= 1.0.32)
      tty-reader (~> 0.9, >= 0.9.0)
      tty-screen (~> 0.8, >= 0.8.1)
      tty-which (~> 0.5, >= 0.5.0)

GEM
  remote: https://rubygems.org/
  specs:
    ast (2.4.2)
    chronic (0.10.2)
    gli (2.21.5)
    json (2.10.2)
    language_server-protocol (3.17.0.4)
    lint_roller (1.1.0)
    mdless (1.0.37)
    minitest (5.20.0)
    parallel (1.26.3)
    parser (3.3.7.1)
      ast (~> 2.4.1)
      racc
    racc (1.8.1)
    rainbow (3.1.1)
    rake (0.9.6)
    rdoc (4.3.0)
    regexp_parser (2.10.0)
    rubocop (1.74.0)
      json (~> 2.3)
      language_server-protocol (~> 3.17.0.2)
      lint_roller (~> 1.1.0)
      parallel (~> 1.10)
      parser (>= 3.3.0.2)
      rainbow (>= 2.2.2, < 4.0)
      regexp_parser (>= 2.9.3, < 3.0)
      rubocop-ast (>= 1.38.0, < 2.0)
      ruby-progressbar (~> 1.7)
      unicode-display_width (>= 2.4.0, < 4.0)
    rubocop-ast (1.38.1)
      parser (>= 3.3.1.0)
    ruby-progressbar (1.13.0)
    tty-cursor (0.7.1)
    tty-reader (0.9.0)
      tty-cursor (~> 0.7)
      tty-screen (~> 0.8)
      wisper (~> 2.0)
    tty-screen (0.8.2)
    tty-which (0.5.0)
    unicode-display_width (3.1.4)
      unicode-emoji (~> 4.0, >= 4.0.4)
    unicode-emoji (4.0.4)
    wisper (2.0.1)
    yard (0.9.34)

PLATFORMS
  arm64-darwin-20
  arm64-darwin-21
  arm64-darwin-24
  x86_64-darwin-20

DEPENDENCIES
  minitest (~> 5.14)
  na!
  rake (~> 0.9.2)
  rdoc (~> 4.3)
  rubocop (~> 1.74)
  yard (~> 0.9, >= 0.9.26)

BUNDLED WITH
   2.6.6
